GIT
  remote: git://github.com/sinatra/sinatra-contrib.git
  revision: 88a2197d3936d0117b092132444241c97d0812d5
  specs:
    sinatra-contrib (1.2.0)
      backports (>= 2.0)
      rack-test
      sinatra (~> 1.2.3)
      tilt (~> 1.3)

GEM
  remote: http://rubygems.org/
  specs:
    backports (2.2.1)
    coffee-script (2.2.0)
      coffee-script-source
      execjs
    coffee-script-source (1.1.1)
    execjs (1.0.0)
      multi_json (~> 1.0)
    haml (3.1.1)
    multi_json (1.0.3)
    puma (2.15.3)
    rack (1.3.0)
    rack-test (0.6.0)
      rack (>= 1.0)
    sass (3.1.21)
    sinatra (1.2.3)
      rack (~> 1.1)
      tilt (>= 1.2.2, < 2.0)
    tilt (1.3.1)

PLATFORMS
  ruby

DEPENDENCIES
  coffee-script
  haml
  puma
  sass (~> 3.1.18)
  sinatra
  sinatra-contrib!

BUNDLED WITH
   1.10.6
